PATH
  remote: .
  specs:
    lizarb (1.0.4)
      colorize (~> 0.8)
      dotenv (~> 2.8)
      zeitwerk (~> 2.6)

GEM
  remote: https://rubygems.org/
  specs:
    coderay (1.1.3)
    colorize (0.8.1)
    connection_pool (2.4.0)
    dotenv (2.8.1)
    htmlbeautifier (1.4.2)
    method_source (1.0.0)
    nio4r (2.7.0)
    pry (0.14.2)
      coderay (~> 1.1)
      method_source (~> 1.0)
    puma (5.6.8)
      nio4r (~> 2.0)
    rack (3.0.7)
    rackup (0.2.3)
      rack (>= 3.0.0.beta1)
      webrick
    rake (13.0.6)
    redis (5.0.6)
      redis-client (>= 0.9.0)
    redis-client (0.14.1)
      connection_pool
    sqlite3 (1.6.3-arm64-darwin)
    sqlite3 (1.6.3-x86_64-linux)
    webrick (1.8.1)
    zeitwerk (2.6.8)

PLATFORMS
  arm64-darwin-21
  x86_64-linux

DEPENDENCIES
  htmlbeautifier (~> 1.4)
  lizarb!
  pry (~> 0.14.1)
  puma (~> 5.6)
  rack (~> 3.0)
  rackup (~> 0.2.2)
  rake (~> 13.0)
  redis (~> 5.0)
  sqlite3 (~> 1.5)

BUNDLED WITH
   2.3.22
